PATH
  remote: .
  specs:
    ruby-imdb (0.7.3)
      chronic (>= 0.2.3)
      json (>= 1.4.3)
      nokogiri (>= 1.4.1)

GEM
  remote: https://rubygems.org/
  specs:
    builder (3.0.4)
    chronic (0.9.0)
    coderay (1.0.8)
    cucumber (1.2.1)
      builder (>= 2.1.2)
      diff-lcs (>= 1.1.3)
      gherkin (~> 2.11.0)
      json (>= 1.4.6)
    diff-lcs (1.2.0)
    gherkin (2.11.5)
      json (>= 1.4.6)
    json (1.7.6)
    method_source (0.8.1)
    nokogiri (1.5.6)
    pry (0.9.11.4)
      coderay (~> 1.0.5)
      method_source (~> 0.8)
      slop (~> 3.4)
    rspec (2.0.1)
      rspec-core (~> 2.0.1)
      rspec-expectations (~> 2.0.1)
      rspec-mocks (~> 2.0.1)
    rspec-core (2.0.1)
    rspec-expectations (2.0.1)
      diff-lcs (>= 1.1.2)
    rspec-mocks (2.0.1)
      rspec-core (~> 2.0.1)
      rspec-expectations (~> 2.0.1)
    slop (3.4.3)

PLATFORMS
  ruby

DEPENDENCIES
  cucumber
  pry
  rspec
  ruby-imdb!
